GEM
  remote: https://rubygems.org/
  specs:
    aws-sdk (2.6.3)
      aws-sdk-resources (= 2.6.3)
    aws-sdk-core (2.6.3)
      jmespath (~> 1.0)
    aws-sdk-resources (2.6.3)
      aws-sdk-core (= 2.6.3)
    daemons (1.2.4)
    eventmachine (1.2.0.1)
    jmespath (1.3.1)
    rack (1.6.4)
    thin (1.7.0)
      daemons (~> 1.0, >= 1.0.9)
      eventmachine (~> 1.0, >= 1.0.4)
      rack (>= 1, < 3)

PLATFORMS
  ruby

DEPENDENCIES
  aws-sdk (~> 2.6)
  thin (~> 1.7)

BUNDLED WITH
   1.11.2
